GEM
  remote: https://rubygems.org/
  specs:
    activemodel (4.2.5.2)
      activesupport (= 4.2.5.2)
      builder (~> 3.1)
    activerecord (4.2.5.2)
      activemodel (= 4.2.5.2)
      activesupport (= 4.2.5.2)
      arel (~> 6.0)
    activesupport (4.2.5.2)
      i18n (~> 0.7)
      json (~> 1.7, >= 1.7.7)
      minitest (~> 5.1)
      thread_safe (~> 0.3, >= 0.3.4)
      tzinfo (~> 1.1)
    addressable (2.3.8)
    arel (6.0.3)
    builder (3.2.2)
    colorize (0.7.7)
    i18n (0.7.0)
    json (1.8.3)
    mime-types (1.25.1)
    mini_portile2 (2.0.0)
    minitest (5.8.4)
    nokogiri (1.6.7.2)
      mini_portile2 (~> 2.0.0.rc2)
    pg (0.18.4)
    postgresql (1.0.0)
      pg
    puma (3.2.0)
    rack (1.6.4)
    rack-protection (1.5.3)
      rack
    rest-client (1.6.9)
      mime-types (~> 1.16)
    sinatra (1.4.7)
      rack (~> 1.5)
      rack-protection (~> 1.4)
      tilt (>= 1.3, < 3)
    thread_safe (0.3.5)
    tilt (2.0.2)
    tzinfo (1.2.2)
      thread_safe (~> 0.1)
    unirest (1.1.2)
      addressable (~> 2.3.5)
      json (~> 1.8.1)
      rest-client (~> 1.6.7)

PLATFORMS
  ruby

DEPENDENCIES
  activerecord (= 4.2.5.2)
  colorize (= 0.7.7)
  nokogiri (= 1.6.7.2)
  postgresql (= 1.0.0)
  puma (= 3.2.0)
  sinatra (= 1.4.7)
  unirest (= 1.1.2)

BUNDLED WITH
   1.11.2
